PATH
  remote: .
  specs:
    syntax_tree_ext (0.1.0)
      syntax_tree

GEM
  remote: https://rubygems.org/
  specs:
    diff-lcs (1.5.0)
    prettier_print (1.2.1)
    rake (13.0.6)
    rspec (3.12.0)
      rspec-core (~> 3.12.0)
      rspec-expectations (~> 3.12.0)
      rspec-mocks (~> 3.12.0)
    rspec-core (3.12.2)
      rspec-support (~> 3.12.0)
    rspec-expectations (3.12.3)
      diff-lcs (>= 1.2.0, < 2.0)
      rspec-support (~> 3.12.0)
    rspec-mocks (3.12.5)
      diff-lcs (>= 1.2.0, < 2.0)
      rspec-support (~> 3.12.0)
    rspec-support (3.12.0)
    syntax_tree (6.1.1)
      prettier_print (>= 1.2.0)

PLATFORMS
  x86_64-darwin-22

DEPENDENCIES
  rake (~> 13.0)
  rspec (~> 3.0)
  syntax_tree_ext!

BUNDLED WITH
   2.4.10
